GEM
  remote: https://rubygems.org/
  specs:
    bcrypt (3.1.13)
    dotenv (2.7.5)
    mustermann (1.0.3)
    pg (1.1.4)
    rack (2.0.7)
    rack-protection (2.0.7)
      rack
    sinatra (2.0.7)
      mustermann (~> 1.0)
      rack (~> 2.0)
      rack-protection (= 2.0.7)
      tilt (~> 2.0)
    tilt (2.0.10)

PLATFORMS
  ruby

DEPENDENCIES
  bcrypt
  dotenv
  pg
  sinatra

BUNDLED WITH
   2.0.2
